GIT
  remote: git://github.com/seejee/OSXTools.git
  revision: 9433e5c9ea7a0966893bbfff4e67aa13b9ac4c2b
  specs:
    osx_tools (0.0.1)
      plist

GEM
  remote: https://rubygems.org/
  specs:
    coderay (1.1.0)
    method_source (0.8.2)
    plist (3.1.0)
    pry (0.9.12.6)
      coderay (~> 1.0)
      method_source (~> 0.8)
      slop (~> 3.4)
    pry-nav (0.2.3)
      pry (~> 0.9.10)
    slop (3.5.0)

PLATFORMS
  ruby

DEPENDENCIES
  osx_tools!
  pry
  pry-nav
